PATH
  remote: .
  specs:
    lightswitch-schedules (0.0.1)

GEM
  remote: https://rubygems.org/
  specs:
    riot (0.12.7)
      rr
    rr (1.1.2)

PLATFORMS
  ruby

DEPENDENCIES
  lightswitch-schedules!
  riot
