PATH
  remote: .
  specs:
    lightswitch-time (0.0.1)

GEM
  remote: https://rubygems.org/
  specs:
    ice_cube (0.12.1)
    riot (0.12.7)
      rr
    rr (1.1.2)

PLATFORMS
  ruby

DEPENDENCIES
  ice_cube
  lightswitch-time!
  riot
